GEM
  remote: https://rubygems.org/
  remote: https://rails-assets.org/
  specs:
    activesupport (3.2.17)
      i18n (~> 0.6, >= 0.6.4)
      multi_json (~> 1.0)
    atomic (1.1.16)
    autoprefixer-rails (1.1.20140319)
      execjs
    better_errors (1.1.0)
      coderay (>= 1.0.0)
      erubis (>= 2.6.6)
    binding_of_caller (0.7.2)
      debug_inspector (>= 0.0.1)
    childprocess (0.5.1)
      ffi (~> 1.0, >= 1.0.11)
    chunky_png (1.3.0)
    coderay (1.1.0)
    coffee-script (2.2.0)
      coffee-script-source
      execjs
    coffee-script-source (1.7.0)
    compass (0.12.4)
      chunky_png (~> 1.2)
      fssm (>= 0.2.7)
      sass (~> 3.2.17)
    debug_inspector (0.0.2)
    diff-lcs (1.2.5)
    dotenv (0.10.0)
    em-websocket (0.5.0)
      eventmachine (>= 0.12.9)
      http_parser.rb (~> 0.5.3)
    erubis (2.7.0)
    eventmachine (1.0.3)
    execjs (1.4.0)
      multi_json (~> 1.0)
    ffi (1.9.3)
    fssm (0.2.10)
    haml (4.0.5)
      tilt
    hike (1.2.3)
    http_parser.rb (0.5.3)
    i18n (0.6.9)
    jasmine (1.3.2)
      jasmine-core (~> 1.3.1)
      rack (~> 1.0)
      rspec (>= 1.3.1)
      selenium-webdriver (>= 0.1.3)
    jasmine-core (1.3.1)
    jbuilder (2.0.5)
      activesupport (>= 3.0.0)
      multi_json (>= 1.2.0)
    json (1.8.1)
    kramdown (1.3.3)
    listen (1.3.1)
      rb-fsevent (>= 0.9.3)
      rb-inotify (>= 0.9)
      rb-kqueue (>= 0.2)
    middleman (3.2.2)
      coffee-script (~> 2.2.0)
      compass (>= 0.12.2)
      execjs (~> 1.4.0)
      haml (>= 3.1.6)
      kramdown (~> 1.2)
      middleman-core (= 3.2.2)
      middleman-sprockets (>= 3.1.2)
      sass (>= 3.1.20)
      uglifier (~> 2.4.0)
    middleman-autoprefixer (1.1.0)
      autoprefixer-rails (~> 1.1.20140302)
      middleman (~> 3.2.0)
    middleman-core (3.2.2)
      activesupport (~> 3.2.6)
      bundler (~> 1.1)
      i18n (~> 0.6.9)
      listen (~> 1.1)
      rack (>= 1.4.5)
      rack-test (~> 0.6.1)
      thor (>= 0.15.2, < 2.0)
      tilt (~> 1.4.1)
    middleman-jasmine (0.4.0)
      jasmine (~> 1.3)
      middleman-core
    middleman-livereload (3.2.1)
      em-websocket (~> 0.5.0)
      middleman-core (~> 3.2)
      multi_json (~> 1.8.4)
      rack-livereload (~> 0.3.15)
    middleman-react (1.0.0)
      execjs
      middleman-core (>= 3.0)
      react-source (= 0.8.0)
    middleman-sprockets (3.3.1)
      middleman-core (>= 3.2)
      sprockets (~> 2.1)
      sprockets-helpers (~> 1.0.0)
      sprockets-sass (~> 1.0.0)
    mime-types (2.2)
    multi_json (1.8.4)
    rack (1.5.2)
    rack-contrib (1.1.0)
      rack (>= 0.9.1)
    rack-livereload (0.3.15)
      rack
    rack-test (0.6.2)
      rack (>= 1.0)
    rails-assets-jquery (2.1.0)
    rails-assets-viewloader (0.0.1)
      rails-assets-jquery (>= 1.4.3)
    rake (10.2.0)
    rb-fsevent (0.9.4)
    rb-inotify (0.9.3)
      ffi (>= 0.5.0)
    rb-kqueue (0.2.2)
      ffi (>= 0.5.0)
    react-source (0.8.0)
    redcarpet (3.1.1)
    rspec (2.14.1)
      rspec-core (~> 2.14.0)
      rspec-expectations (~> 2.14.0)
      rspec-mocks (~> 2.14.0)
    rspec-core (2.14.8)
    rspec-expectations (2.14.5)
      diff-lcs (>= 1.1.3, < 2.0)
    rspec-mocks (2.14.6)
    rubyzip (1.1.2)
    sass (3.2.18)
    selenium-webdriver (2.40.0)
      childprocess (>= 0.5.0)
      multi_json (~> 1.0)
      rubyzip (~> 1.0)
      websocket (~> 1.0.4)
    slim (2.0.2)
      temple (~> 0.6.6)
      tilt (>= 1.3.3, < 2.1)
    sprockets (2.12.0)
      hike (~> 1.2)
      multi_json (~> 1.0)
      rack (~> 1.0)
      tilt (~> 1.1, != 1.3.0)
    sprockets-helpers (1.0.1)
      sprockets (~> 2.0)
    sprockets-sass (1.0.3)
      sprockets (~> 2.0)
      tilt (~> 1.1)
    temple (0.6.7)
    thor (0.19.1)
    thread_safe (0.3.1)
      atomic (>= 1.1.7, < 2)
    tilt (1.4.1)
    tilt-jbuilder (0.5.3)
      jbuilder
      tilt (<= 1.4.1)
    tzinfo (1.1.0)
      thread_safe (~> 0.1)
    uglifier (2.4.0)
      execjs (>= 0.3.0)
      json (>= 1.8.0)
    websocket (1.0.7)

PLATFORMS
  ruby

DEPENDENCIES
  activesupport
  better_errors
  binding_of_caller
  dotenv
  middleman
  middleman-autoprefixer
  middleman-jasmine
  middleman-livereload
  middleman-react
  mime-types
  rack
  rack-contrib
  rails-assets-viewloader
  rake
  redcarpet
  sass
  slim
  tilt-jbuilder
  tzinfo
